GEM
  remote: https://rubygems.org/
  specs:
    backports (3.6.8)
    httparty (0.13.7)
      json (~> 1.8)
      multi_xml (>= 0.5.2)
    json (1.8.6)
    multi_json (1.12.1)
    multi_xml (0.6.0)
    rack (1.6.5)
    rack-protection (1.5.3)
      rack
    rack-test (0.6.3)
      rack (>= 1.0)
    sinatra (1.4.8)
      rack (~> 1.5)
      rack-protection (~> 1.4)
      tilt (>= 1.3, < 3)
    sinatra-contrib (1.4.7)
      backports (>= 2.0)
      multi_json
      rack-protection
      rack-test
      sinatra (~> 1.4.0)
      tilt (>= 1.3, < 3)
    sinatra-namespace (1.0)
      sinatra-contrib
    tilt (2.0.6)

PLATFORMS
  ruby

DEPENDENCIES
  httparty (~> 0.13.7)
  json (~> 1.8.3)
  sinatra (~> 1.4.7)
  sinatra-namespace

BUNDLED WITH
   1.14.3
