GEM
  remote: https://rubygems.org/
  specs:
    httparty (0.13.7)
      json (~> 1.8)
      multi_xml (>= 0.5.2)
    json (1.8.6)
    multi_xml (0.6.0)
    puma (3.7.0)
    rack (1.6.5)
    rack-protection (1.5.3)
      rack
    sinatra (1.4.8)
      rack (~> 1.5)
      rack-protection (~> 1.4)
      tilt (>= 1.3, < 3)
    tilt (2.0.6)

PLATFORMS
  ruby

DEPENDENCIES
  httparty (~> 0.13.7)
  json (~> 1.8.3)
  puma
  sinatra

BUNDLED WITH
   1.14.4
